GEM
  remote: https://rubygems.org/
  remote: http://gems.github.com/
  specs:
    debase (0.2.1)
      debase-ruby_core_source
    debase-ruby_core_source (0.9.1)
    rake (12.0.0)
    ruby-debug-ide (0.6.1.beta4)
      rake (>= 0.8.1)

PLATFORMS
  ruby

DEPENDENCIES
  debase
  ruby-debug-ide

BUNDLED WITH
   1.11.2
